GEM
  remote: http://rubygems.org/
  specs:
    activemodel (3.2.3)
      activesupport (= 3.2.3)
      builder (~> 3.0.0)
    activerecord (3.2.3)
      activemodel (= 3.2.3)
      activesupport (= 3.2.3)
      arel (~> 3.0.2)
      tzinfo (~> 0.3.29)
    activesupport (3.2.3)
      i18n (~> 0.6)
      multi_json (~> 1.0)
    arel (3.0.2)
    binding_of_caller (0.6.7)
    builder (3.0.0)
    coderay (1.0.6)
    git (1.2.5)
    i18n (0.6.0)
    jeweler (1.8.3)
      bundler (~> 1.0)
      git (>= 1.2.5)
      rake
      rdoc
    json (1.7.3)
    method_source (0.7.1)
    multi_json (1.3.5)
    pry (0.9.9.6)
      coderay (~> 1.0.5)
      method_source (~> 0.7.1)
      slop (>= 2.4.4, < 3)
    pry-doc (0.4.2)
      pry (>= 0.9.0)
      yard (~> 0.8.1)
    pry-nav (0.2.1)
      pry (~> 0.9.9)
    pry-remote (0.1.4)
      pry (~> 0.9.9)
      slop (~> 2.1)
    pry-stack_explorer (0.4.2)
      binding_of_caller (~> 0.6.2)
      pry (~> 0.9.9)
    rake (0.9.2.2)
    rdoc (3.12)
      json (~> 1.4)
    slop (2.4.4)
    sqlite3 (1.3.6)
    tzinfo (0.3.33)
    yard (0.8.1)

PLATFORMS
  ruby

DEPENDENCIES
  activerecord
  activesupport
  bundler (~> 1.0.0)
  jeweler (~> 1.8.3)
  pry
  pry-doc
  pry-nav
  pry-remote
  pry-stack_explorer
  rdoc (~> 3.12)
  sqlite3
